GEM
  remote: http://rubygems.org/
  specs:
    RedCloth (4.2.8)
    activesupport (2.3.14)
    hoe (2.12.3)
      rake (~> 0.8)
    i18n (0.6.0)
    newgem (1.5.3)
      RedCloth (>= 4.1.1)
      activesupport (~> 2.3.4)
      hoe (>= 2.4.0)
      rubigen (>= 1.5.3)
      syntax (>= 1.0.0)
    rake (0.9.2)
    rubigen (1.5.6)
      activesupport (>= 2.3.5)
      i18n
    syntax (1.0.0)

PLATFORMS
  ruby

DEPENDENCIES
  hoe
  newgem
